GEM
  remote: https://rubygems.org/
  specs:
    excon (0.71.0)
    heroku (3.99.4)
    rack (2.2.11)
    rake (12.3.3)

PLATFORMS
  ruby

DEPENDENCIES
  heroku
  rack
  rake
