GEM
  remote: https://rubygems.org/
  specs:
    heroku (3.99.4)
    rack (2.2.14)
    rake (12.3.3)

PLATFORMS
  ruby

DEPENDENCIES
  heroku
  rack
  rake
